GEM
  remote: https://rubygems.org/
  specs:
    concurrent-ruby (1.2.2)
    dotenv (2.8.1)
    ffi (1.15.5)
    httparty (0.21.0)
      mini_mime (>= 1.0.0)
      multi_xml (>= 0.5.2)
    listen (3.8.0)
      rb-fsevent (~> 0.10, >= 0.10.3)
      rb-inotify (~> 0.9, >= 0.9.10)
    mini_mime (1.1.2)
    multi_xml (0.6.0)
    nio4r (2.5.9)
    puma (6.3.0)
      nio4r (~> 2.0)
    rack (3.0.8)
    rb-fsevent (0.11.2)
    rb-inotify (0.10.1)
      ffi (~> 1.0)
    rerun (0.14.0)
      listen (~> 3.0)
    roda (3.69.0)
      rack
    sequel (5.69.0)
    slack-notifier (2.4.0)
    sqlite3 (1.6.3-arm64-darwin)
    sqlite3 (1.6.3-x86_64-linux)
    sucker_punch (3.1.0)
      concurrent-ruby (~> 1.0)

PLATFORMS
  arm64-darwin-22
  x86_64-linux

DEPENDENCIES
  dotenv
  httparty
  puma
  rerun
  roda
  sequel
  slack-notifier
  sqlite3
  sucker_punch

BUNDLED WITH
   2.4.14
