GEM
  remote: https://rubygems.org/
  specs:
    nio4r (2.5.9)
    puma (6.3.0)
      nio4r (~> 2.0)
    rack (3.0.8)
    roda (3.69.0)
      rack
    sequel (5.69.0)
    sqlite3 (1.6.3-arm64-darwin)

PLATFORMS
  arm64-darwin-22

DEPENDENCIES
  puma
  roda
  sequel
  sqlite3

BUNDLED WITH
   2.4.14
